GEM
  remote: https://rubygems.org/
  specs:
    actionmailer (3.2.13)
      actionpack (= 3.2.13)
      mail (~> 2.5.3)
    actionpack (3.2.13)
      activemodel (= 3.2.13)
      activesupport (= 3.2.13)
      builder (~> 3.0.0)
      erubis (~> 2.7.0)
      journey (~> 1.0.4)
      rack (~> 1.4.5)
      rack-cache (~> 1.2)
      rack-test (~> 0.6.1)
      sprockets (~> 2.2.1)
    activemodel (3.2.13)
      activesupport (= 3.2.13)
      builder (~> 3.0.0)
    activerecord (3.2.13)
      activemodel (= 3.2.13)
      activesupport (= 3.2.13)
      arel (~> 3.0.2)
      tzinfo (~> 0.3.29)
    activeresource (3.2.13)
      activemodel (= 3.2.13)
      activesupport (= 3.2.13)
    activesupport (3.2.13)
      i18n (= 0.6.1)
      multi_json (~> 1.0)
    ansi (1.4.3)
    arel (3.0.2)
    awesome_print (1.0.2)
    bcrypt-ruby (3.0.1)
    bootstrap_form (0.3.2)
    boson (1.2.4)
    builder (3.0.4)
    clipboard (1.0.1)
    cocaine (0.4.0)
    coderay (1.0.9)
    coffee-rails (3.2.2)
      coffee-script (>= 2.2.0)
      railties (~> 3.2.0)
    coffee-script (2.2.0)
      coffee-script-source
      execjs
    coffee-script-source (1.6.2)
    commonjs (0.2.6)
    daemons (1.1.9)
    declarative_authorization (0.5.7)
    devise (2.2.3)
      bcrypt-ruby (~> 3.0)
      orm_adapter (~> 0.1)
      railties (~> 3.1)
      warden (~> 1.2.1)
    erubis (2.7.0)
    eventmachine (1.0.3)
    every_day_irb (1.4.0)
    exceptional (2.0.33)
      rack
    execjs (1.4.0)
      multi_json (~> 1.0)
    fancy_irb (0.7.3)
      paint (>= 0.8.1)
      unicode-display_width (>= 0.1.1)
    ffi (1.6.0)
    formatador (0.2.4)
    g (1.7.2)
    guard (1.8.0)
      formatador (>= 0.2.4)
      listen (>= 1.0.0)
      lumberjack (>= 1.0.2)
      pry (>= 0.9.10)
      thor (>= 0.14.6)
    hike (1.2.2)
    hirb (0.7.1)
    i18n (0.6.1)
    innertube (1.0.2)
    interactive_editor (0.0.10)
      spoon (>= 0.0.1)
    irbtools (1.4.0)
      awesome_print (~> 1.0.2)
      boson (~> 1.2.4)
      clipboard (~> 1.0.1)
      coderay (~> 1.0.8)
      every_day_irb (>= 1.4.0)
      fancy_irb (>= 0.7.3)
      g (>= 1.7.1)
      hirb (~> 0.7.0)
      interactive_editor (>= 0.0.10)
      method_locator (>= 0.0.4)
      method_source (>= 0.8.1)
      methodfinder (>= 1.2.5)
      ori (~> 0.1.0)
      paint (>= 0.8.5)
      wirb (>= 0.4.3)
      zucker (>= 12.1)
    journey (1.0.4)
    jquery-rails (2.2.1)
      railties (>= 3.0, < 5.0)
      thor (>= 0.14, < 2.0)
    json (1.7.7)
    lazy_high_charts (1.2.2)
      bundler (~> 1.0)
    less (2.2.2)
      commonjs (~> 0.2.6)
    less-rails (2.2.6)
      actionpack (>= 3.1)
      less (~> 2.2.0)
    libv8 (3.11.8.17)
    listen (1.0.2)
      rb-fsevent (>= 0.9.3)
      rb-inotify (>= 0.9)
      rb-kqueue (>= 0.2)
    lumberjack (1.0.3)
    mail (2.5.3)
      i18n (>= 0.4.0)
      mime-types (~> 1.16)
      treetop (~> 1.4.8)
    method_locator (0.0.4)
    method_source (0.8.1)
    methodfinder (1.2.5)
    middleware (0.1.0)
    mime-types (1.23)
    minitest (4.7.3)
    mono_logger (1.0.1)
    multi_json (1.7.2)
    mysql2 (0.3.12b4)
    nested_form (0.3.2)
    ori (0.1.0)
    orm_adapter (0.4.0)
    paint (0.8.5)
    paperclip (3.3.0)
      activemodel (>= 3.0.0)
      activerecord (>= 3.0.0)
      activesupport (>= 3.0.0)
      cocaine (~> 0.4.0)
      mime-types
    polyglot (0.3.3)
    pry (0.9.12.1)
      coderay (~> 1.0.5)
      method_source (~> 0.8)
      slop (~> 3.4)
    quiet_assets (1.0.2)
      railties (>= 3.1, < 5.0)
    rack (1.4.5)
    rack-cache (1.2)
      rack (>= 0.4)
    rack-mini-profiler (0.1.26)
      rack (>= 1.1.3)
    rack-protection (1.5.0)
      rack
    rack-ssl (1.3.3)
      rack
    rack-test (0.6.2)
      rack (>= 1.0)
    rails (3.2.13)
      actionmailer (= 3.2.13)
      actionpack (= 3.2.13)
      activerecord (= 3.2.13)
      activeresource (= 3.2.13)
      activesupport (= 3.2.13)
      bundler (~> 1.0)
      railties (= 3.2.13)
    rails3-jquery-autocomplete (1.0.7)
      rails (~> 3.0)
    railties (3.2.13)
      actionpack (= 3.2.13)
      activesupport (= 3.2.13)
      rack-ssl (~> 1.3.2)
      rake (>= 0.8.7)
      rdoc (~> 3.4)
      thor (>= 0.14.6, < 2.0)
    rake (10.0.4)
    rb-fsevent (0.9.3)
    rb-inotify (0.9.0)
      ffi (>= 0.5.0)
    rb-kqueue (0.2.0)
      ffi (>= 0.5.0)
    rdoc (3.12.2)
      json (~> 1.4)
    redis (3.0.4)
    redis-namespace (1.2.1)
      redis (~> 3.0.0)
    ref (1.0.4)
    resque (1.24.1)
      mono_logger (~> 1.0)
      multi_json (~> 1.0)
      redis-namespace (~> 1.2)
      sinatra (>= 0.9.2)
      vegas (~> 0.1.2)
    riddle (1.5.5)
    ruby_parser (3.1.3)
      sexp_processor (~> 4.1)
    sass (3.2.7)
    sass-rails (3.2.6)
      railties (~> 3.2.0)
      sass (>= 3.1.10)
      tilt (~> 1.3)
    sexp_processor (4.2.1)
    sextant (0.2.3)
      activesupport (>= 3.2)
      rails (>= 3.2)
    sinatra (1.3.6)
      rack (~> 1.4)
      rack-protection (~> 1.3)
      tilt (~> 1.3, >= 1.3.3)
    slop (3.4.4)
    spoon (0.0.3)
      ffi
    sprockets (2.2.2)
      hike (~> 1.2)
      multi_json (~> 1.0)
      rack (~> 1.0)
      tilt (~> 1.1, != 1.3.0)
    therubyracer (0.11.4)
      libv8 (~> 3.11.8.12)
      ref
    thin (1.5.1)
      daemons (>= 1.0.9)
      eventmachine (>= 0.12.6)
      rack (>= 1.0.0)
    thinking-sphinx (3.0.2)
      activerecord (>= 3.1.0)
      builder (>= 2.1.2)
      innertube (>= 1.0.2)
      middleware (>= 0.1.0)
      riddle (>= 1.5.4)
    thor (0.18.1)
    tilt (1.3.7)
    treetop (1.4.12)
      polyglot
      polyglot (>= 0.3.1)
    turn (0.9.6)
      ansi
    twitter-bootstrap-rails (2.2.0)
      actionpack (>= 3.1)
      execjs
      railties (>= 3.1)
    tzinfo (0.3.37)
    uglifier (1.3.0)
      execjs (>= 0.3.0)
      multi_json (~> 1.0, >= 1.0.2)
    unicode-display_width (0.1.1)
    vegas (0.1.11)
      rack (>= 1.0.0)
    warden (1.2.1)
      rack (>= 1.0)
    wicked (0.6.0)
      activesupport (>= 3.0.7)
      rails (>= 3.0.7)
    will_paginate (3.0.4)
    wirb (1.0.1)
      paint
    zucker (12.1)

PLATFORMS
  ruby

DEPENDENCIES
  bootstrap_form
  coffee-rails (~> 3.2.1)
  declarative_authorization (~> 0.5.7)
  devise
  exceptional
  execjs
  guard
  irbtools
  jquery-rails
  lazy_high_charts
  less
  less-rails
  minitest
  mysql2 (= 0.3.12b4)
  nested_form (= 0.3.2)
  paperclip
  quiet_assets
  rack-mini-profiler
  rails (= 3.2.13)
  rails3-jquery-autocomplete
  rb-inotify
  resque
  ruby_parser
  sass-rails (~> 3.2.3)
  sextant
  therubyracer
  thin (~> 1.5.1)
  thinking-sphinx
  turn
  twitter-bootstrap-rails
  uglifier (>= 1.0.3)
  wicked
  will_paginate
